PATH
  remote: .
  specs:
    fractual_i18n (0.4.0)
      i18n

GEM
  remote: https://rubygems.org/
  specs:
    concurrent-ruby (1.1.9)
    i18n (1.10.0)
      concurrent-ruby (~> 1.0)
    minitest (5.15.0)
    rake (12.3.3)

PLATFORMS
  ruby

DEPENDENCIES
  fractual_i18n!
  minitest (~> 5.0)
  rake (~> 12.0)

BUNDLED WITH
   2.3.4
